GEM
  remote: http://rubygems.org/
  specs:
    erubis (2.7.0)
    i18n (0.5.0)
    mail (2.3.0)
      i18n (>= 0.4.0)
      mime-types (~> 1.16)
      treetop (~> 1.4.8)
    mime-types (1.16)
    pg (0.11.0)
    polyglot (0.3.1)
    pony (1.2)
      mail (> 2.0)
    rack (1.2.2)
    rack-test (0.6.0)
      rack (>= 1.0)
    riot (0.12.3)
      rr
    riot-rack (0.0.1)
      rack
      rack-test
      riot
    rr (1.0.2)
    sequel (3.23.0)
    shotgun (0.9)
      rack (>= 1.0)
    sinatra (1.2.6)
      rack (~> 1.1)
      tilt (< 2.0, >= 1.2.2)
    sinatra-content-for2 (0.2.4)
      sinatra
    sqlite3 (1.3.3)
    tilt (1.3)
    treetop (1.4.9)
      polyglot (>= 0.3.1)
    yajl-ruby (0.8.2)

PLATFORMS
  ruby

DEPENDENCIES
  bundler
  erubis
  pg
  pony
  riot
  riot-rack
  sequel
  shotgun
  sinatra
  sinatra-content-for2
  sqlite3
  yajl-ruby
